GEM
  remote: https://rubygems.org/
  specs:
    clamp (0.6.3)
    mixlib-shellout (2.0.1)
    rsync (1.0.9)

PLATFORMS
  ruby

DEPENDENCIES
  clamp (~> 0.6.3)
  mixlib-shellout (~> 2.0.1)
  rsync (~> 1.0.9)
